GEM
  remote: http://rubygems.org/
  specs:
    hashie (3.4.3)
    json (1.8.3)
    minitest (5.8.3)
    multi_json (1.11.2)
    oauth (0.4.7)
    omniauth (1.2.2)
      hashie (>= 1.2, < 4)
      rack (~> 1.0)
    omniauth-oauth (1.1.0)
      oauth
      omniauth (~> 1.0)
    omniauth-twitter (1.2.1)
      json (~> 1.3)
      omniauth-oauth (~> 1.1)
    rack (1.6.4)
    rack-protection (1.5.3)
      rack
    rack-test (0.6.3)
      rack (>= 1.0)
    rake (10.4.2)
    sinatra (1.4.6)
      rack (~> 1.4)
      rack-protection (~> 1.4)
      tilt (>= 1.3, < 3)
    sinatra-json (0.1.0)
      multi_json (~> 1.0)
      sinatra (~> 1.0)
    tilt (2.0.1)

PLATFORMS
  ruby

DEPENDENCIES
  minitest
  omniauth
  omniauth-twitter
  rack-test
  rake
  sinatra
  sinatra-json

BUNDLED WITH
   1.10.6
